GIT
  remote: git@github.com:hive-ci/hive-runner-ios.git
  revision: 5b93e4c2977a0ad1899fbebc79a00d9a3b81b107
  specs:
    hive-runner-ios (1.1.12)
      device_api-ios (~> 1.1.0)
      fruity_builder (~> 1.1.0)
      hive-messages (>= 1.0.7)
      hive-runner (~> 2.1.28)

GIT
  remote: git@github.com:hive-ci/hive-runner.git
  revision: 1ecc7eb12cf6e1fa1e1467cdd02782aeb3668599
  specs:
    hive-runner (2.1.28)
      activerecord (~> 4.2)
      airbrake-ruby (~> 1.2.2)
      chamber (~> 2.7)
      code_cache (~> 0.2)
      daemons (~> 1.2)
      hive-messages (~> 1.0, >= 1.0.6)
      mind_meld (~> 0.1.12)
      mono_logger (~> 1.1)
      res (~> 1.2.17)
      sys-cpu (~> 0.7)
      sys-uname (~> 1.0)
      terminal-table (~> 1.7.1)

GEM
  remote: https://rubygems.org/
  specs:
    activemodel (4.2.9)
      activesupport (= 4.2.9)
      builder (~> 3.1)
    activerecord (4.2.9)
      activemodel (= 4.2.9)
      activesupport (= 4.2.9)
      arel (~> 6.0)
    activesupport (4.2.9)
      i18n (~> 0.7)
      minitest (~> 5.1)
      thread_safe (~> 0.3, >= 0.3.4)
      tzinfo (~> 1.1)
    airbrake-ruby (1.2.4)
    arel (6.0.4)
    axiom-types (0.1.1)
      descendants_tracker (~> 0.0.4)
      ice_nine (~> 0.11.0)
      thread_safe (~> 0.3, >= 0.3.1)
    builder (3.2.3)
    chamber (2.10.1)
      hashie (~> 3.3)
      thor (~> 0.19.1)
    code_cache (0.2.3)
    coercible (1.0.0)
      descendants_tracker (~> 0.0.1)
    daemons (1.2.4)
    declarative (0.0.9)
    declarative-option (0.1.0)
    descendants_tracker (0.0.4)
      thread_safe (~> 0.3, >= 0.3.1)
    device_api (1.0.2)
    device_api-ios (1.1.0)
      device_api (>= 1.0, < 2.0)
      ios-devices (>= 0.2)
      ox (>= 2.1.0)
    equalizer (0.0.11)
    ffi (1.9.18)
    fruity_builder (1.1.1)
      ox (>= 2.1.0)
    hashie (3.5.6)
    hive-messages (1.0.7)
      activemodel (>= 4.0, < 4.3)
      activesupport (>= 4.0, < 4.3)
      mimemagic (~> 0.3)
      multi_json (~> 1.11)
      multipart-post (~> 2.0)
      roar (~> 1.0)
      virtus (~> 1.0)
    i18n (0.8.6)
    ice_nine (0.11.2)
    ios-devices (0.2.4)
    json (1.8.6)
    mimemagic (0.3.2)
    mind_meld (0.1.12)
      activesupport (~> 4)
    minitest (5.10.3)
    mono_logger (1.1.0)
    multi_json (1.12.1)
    multipart-post (2.0.0)
    ox (2.6.0)
    rake (12.0.0)
    representable (3.0.4)
      declarative (< 0.1.0)
      declarative-option (< 0.2.0)
      uber (< 0.2.0)
    res (1.2.23)
      hive-messages (~> 1)
      json (~> 1.8)
      ox (~> 2.2)
      test_rail-api (~> 0.4.1)
    roar (1.1.0)
      representable (~> 3.0.0)
    sys-cpu (0.7.2)
      ffi
    sys-uname (1.0.3)
      ffi (>= 1.0.0)
    terminal-table (1.7.3)
      unicode-display_width (~> 1.1.1)
    test_rail-api (0.4.1)
      json (~> 1.0)
      virtus (~> 1.0)
    thor (0.19.4)
    thread_safe (0.3.6)
    tzinfo (1.2.3)
      thread_safe (~> 0.1)
    uber (0.1.0)
    unicode-display_width (1.1.3)
    virtus (1.0.5)
      axiom-types (~> 0.1)
      coercible (~> 1.0)
      descendants_tracker (~> 0.0, >= 0.0.3)
      equalizer (~> 0.0, >= 0.0.9)

PLATFORMS
  ruby

DEPENDENCIES
  hive-runner!
  hive-runner-ios!
  rake

BUNDLED WITH
   1.15.3
